GEM
  remote: https://rubygems.org/
  specs:
    mini_portile2 (2.4.0)
    mustache (1.1.0)
    nokogiri (1.10.1)
      mini_portile2 (~> 2.4.0)
    rubyzip (1.2.2)

PLATFORMS
  ruby

DEPENDENCIES
  mustache
  nokogiri
  rubyzip

BUNDLED WITH
   1.16.6
